GEM
  remote: https://rubygems.org/
  specs:
    aws-sdk (1.53.0)
      aws-sdk-v1 (= 1.53.0)
    aws-sdk-v1 (1.53.0)
      json (~> 1.4)
      nokogiri (>= 1.4.4)
    dotenv (0.11.1)
      dotenv-deployment (~> 0.0.2)
    dotenv-deployment (0.0.2)
    json (1.8.1)
    mini_portile (0.6.0)
    minitest (5.4.1)
    nokogiri (1.6.3.1)
      mini_portile (= 0.6.0)
    rack (1.5.2)
    rack-protection (1.5.3)
      rack
    rake (10.3.2)
    sinatra (1.4.5)
      rack (~> 1.4)
      rack-protection (~> 1.4)
      tilt (~> 1.3, >= 1.3.4)
    tilt (1.4.1)

PLATFORMS
  ruby

DEPENDENCIES
  aws-sdk
  dotenv
  minitest
  rake
  sinatra
